GEM
  remote: https://rubygems.org/
  specs:
    rake (13.0.6)
    sqlite3 (1.4.2)

PLATFORMS
  x86_64-darwin-20

DEPENDENCIES
  rake
  sqlite3

BUNDLED WITH
   2.2.31
